GEM
  remote: https://rubygems.org/
  specs:
    actioncable (5.2.4.2)
      actionpack (= 5.2.4.2)
      nio4r (~> 2.0)
      websocket-driver (>= 0.6.1)
    actionmailer (5.2.4.2)
      actionpack (= 5.2.4.2)
      actionview (= 5.2.4.2)
      activejob (= 5.2.4.2)
      mail (~> 2.5, >= 2.5.4)
      rails-dom-testing (~> 2.0)
    actionpack (5.2.4.2)
      actionview (= 5.2.4.2)
      activesupport (= 5.2.4.2)
      rack (~> 2.0, >= 2.0.8)
      rack-test (>= 0.6.3)
      rails-dom-testing (~> 2.0)
      rails-html-sanitizer (~> 1.0, >= 1.0.2)
    actionpack-action_caching (1.2.1)
      actionpack (>= 4.0.0)
    actionpack-page_caching (1.2.0)
      actionpack (>= 5.0.0)
    actionview (5.2.4.2)
      activesupport (= 5.2.4.2)
      builder (~> 3.1)
      erubi (~> 1.4)
      rails-dom-testing (~> 2.0)
      rails-html-sanitizer (~> 1.0, >= 1.0.3)
    activejob (5.2.4.2)
      activesupport (= 5.2.4.2)
      globalid (>= 0.3.6)
    activemodel (5.2.4.2)
      activesupport (= 5.2.4.2)
    activerecord (5.2.4.2)
      activemodel (= 5.2.4.2)
      activesupport (= 5.2.4.2)
      arel (>= 9.0)
    activestorage (5.2.4.2)
      actionpack (= 5.2.4.2)
      activerecord (= 5.2.4.2)
      marcel (~> 0.3.1)
    activesupport (5.2.4.2)
      concurrent-ruby (~> 1.0, >= 1.0.2)
      i18n (>= 0.7, < 2)
      minitest (~> 5.1)
      tzinfo (~> 1.1)
    acts-as-taggable-on (6.5.0)
      activerecord (>= 5.0, < 6.1)
    addressable (2.7.0)
      public_suffix (>= 2.0.2, < 5.0)
    airbrussh (1.4.0)
      sshkit (>= 1.6.1, != 1.7.0)
    alphabetical_paginate (2.3.4)
    arel (9.0.0)
    ast (2.4.0)
    awesome_nested_set (3.2.0)
      activerecord (>= 4.0.0, < 7.0)
    axiom-types (0.1.1)
      descendants_tracker (~> 0.0.4)
      ice_nine (~> 0.11.0)
      thread_safe (~> 0.3, >= 0.3.1)
    bcrypt (3.1.13)
    better_errors (2.6.0)
      coderay (>= 1.0.0)
      erubi (>= 1.0.0)
      rack (>= 0.9.0)
    binding_of_caller (0.8.0)
      debug_inspector (>= 0.0.1)
    bootsnap (1.4.6)
      msgpack (~> 1.0)
    brakeman (4.8.0)
    builder (3.2.4)
    bundler-audit (0.6.1)
      bundler (>= 1.2.0, < 3)
      thor (~> 0.18)
    cancancan (2.3.0)
    capistrano (3.10.2)
      airbrussh (>= 1.0.0)
      i18n
      rake (>= 10.0.0)
      sshkit (>= 1.9.0)
    capistrano-bundler (1.6.0)
      capistrano (~> 3.1)
    capistrano-rails (1.4.0)
      capistrano (~> 3.1)
      capistrano-bundler (~> 1.1)
    capistrano-rails-db (0.0.2)
      capistrano-rails (~> 1.1)
    capistrano-rvm (0.1.2)
      capistrano (~> 3.0)
      sshkit (~> 1.2)
    capistrano3-puma (4.0.0)
      capistrano (~> 3.7)
      capistrano-bundler
      puma (~> 4.0)
    capybara (3.31.0)
      addressable
      mini_mime (>= 0.1.3)
      nokogiri (~> 1.8)
      rack (>= 1.6.0)
      rack-test (>= 0.6.3)
      regexp_parser (~> 1.5)
      xpath (~> 3.2)
    chartkick (3.3.1)
    childprocess (3.0.0)
    chronic (0.10.2)
    climate_control (0.2.0)
    cocaine (0.5.8)
      climate_control (>= 0.0.3, < 1.0)
    codeclimate-engine-rb (0.3.1)
      virtus (~> 1.0)
    codeclimate-test-reporter (1.0.9)
      simplecov (<= 0.13)
    codecov (0.1.16)
      json
      simplecov
      url
    coderay (1.1.2)
    coercible (1.0.0)
      descendants_tracker (~> 0.0.1)
    coffee-rails (5.0.0)
      coffee-script (>= 2.2.0)
      railties (>= 5.2.0)
    coffee-script (2.4.1)
      coffee-script-source
      execjs
    coffee-script-source (1.12.2)
    colorize (0.8.1)
    concurrent-ruby (1.1.6)
    crass (1.0.6)
    database_cleaner (1.8.3)
    database_cleaner-active_record (1.8.0)
      activerecord
      database_cleaner (~> 1.8.0)
    debug_inspector (0.0.3)
    descendants_tracker (0.0.4)
      thread_safe (~> 0.3, >= 0.3.1)
    devise (4.7.1)
      bcrypt (~> 3.0)
      orm_adapter (~> 0.1)
      railties (>= 4.1.0)
      responders
      warden (~> 1.2.3)
    devise_ldap_authenticatable (0.8.6)
      devise (>= 3.4.1)
      net-ldap (>= 0.16.0)
    diff-lcs (1.3)
    docile (1.1.5)
    equalizer (0.0.11)
    erubi (1.9.0)
    erubis (2.7.0)
    exception_notification (4.4.0)
      actionmailer (>= 4.0, < 7)
      activesupport (>= 4.0, < 7)
    execjs (2.7.0)
    factory_bot (5.1.1)
      activesupport (>= 4.2.0)
    factory_bot_rails (5.1.1)
      factory_bot (~> 5.1.0)
      railties (>= 4.2.0)
    faker (2.11.0)
      i18n (>= 1.6, < 2)
    ffi (1.12.2)
    flay (2.7.0)
      erubis (~> 2.7.0)
      ruby_parser (~> 3.0)
      sexp_processor (~> 4.0)
    flog (4.3.2)
      ruby_parser (~> 3.1, > 3.1.0)
      sexp_processor (~> 4.4)
    globalid (0.4.2)
      activesupport (>= 4.2.0)
    groupdate (5.0.0)
      activesupport (>= 5)
    haml (5.1.2)
      temple (>= 0.8.0)
      tilt
    haml-rails (2.0.1)
      actionpack (>= 5.1)
      activesupport (>= 5.1)
      haml (>= 4.0.6, < 6.0)
      html2haml (>= 1.0.1)
      railties (>= 5.1)
    haml_lint (0.35.0)
      haml (>= 4.0, < 5.2)
      rainbow
      rubocop (>= 0.50.0)
      sysexits (~> 1.1)
    html2haml (2.2.0)
      erubis (~> 2.7.0)
      haml (>= 4.0, < 6)
      nokogiri (>= 1.6.0)
      ruby_parser (~> 3.5)
    i18n (1.8.2)
      concurrent-ruby (~> 1.0)
    ice_nine (0.11.2)
    jaro_winkler (1.5.4)
    jcrop-rails-v2 (0.9.12.3)
    jquery-rails (4.3.5)
      rails-dom-testing (>= 1, < 3)
      railties (>= 4.2.0)
      thor (>= 0.14, < 2.0)
    jquery-ui-rails (5.0.5)
      railties (>= 3.2.16)
    json (2.3.0)
    launchy (2.4.3)
      addressable (~> 2.3)
    loofah (2.5.0)
      crass (~> 1.0.2)
      nokogiri (>= 1.5.9)
    mail (2.7.1)
      mini_mime (>= 0.1.1)
    marcel (0.3.3)
      mimemagic (~> 0.3.2)
    method_source (1.0.0)
    mime-types (3.3.1)
      mime-types-data (~> 3.2015)
    mime-types-data (3.2019.1009)
    mimemagic (0.3.4)
    mini_mime (1.0.2)
    mini_portile (0.6.2)
    mini_portile2 (2.4.0)
    minitest (5.14.0)
    msgpack (1.3.3)
    net-ldap (0.16.2)
    net-scp (2.0.0)
      net-ssh (>= 2.6.5, < 6.0.0)
    net-ssh (5.2.0)
    nio4r (2.5.2)
    nokogiri (1.10.9)
      mini_portile2 (~> 2.4.0)
    odf-report (0.7.0)
      mime-types
      nokogiri (>= 1.10.0)
      rubyzip (>= 1.3.0)
    orm_adapter (0.5.0)
    paperclip (5.2.1)
      activemodel (>= 4.2.0)
      activesupport (>= 4.2.0)
      cocaine (~> 0.5.5)
      mime-types
      mimemagic (~> 0.3.0)
    parallel (1.19.1)
    parser (2.7.0.5)
      ast (~> 2.4.0)
    pg (1.2.3)
    pg_search (2.3.2)
      activerecord (>= 5.2)
      activesupport (>= 5.2)
    public_activity (1.6.4)
      actionpack (>= 3.0.0)
      activerecord (>= 3.0)
      i18n (>= 0.5.0)
      railties (>= 3.0.0)
    public_suffix (4.0.3)
    puma (4.3.3)
      nio4r (~> 2.0)
    rack (2.2.2)
    rack-test (1.1.0)
      rack (>= 1.0, < 3)
    rails (5.2.4.2)
      actioncable (= 5.2.4.2)
      actionmailer (= 5.2.4.2)
      actionpack (= 5.2.4.2)
      actionview (= 5.2.4.2)
      activejob (= 5.2.4.2)
      activemodel (= 5.2.4.2)
      activerecord (= 5.2.4.2)
      activestorage (= 5.2.4.2)
      activesupport (= 5.2.4.2)
      bundler (>= 1.3.0)
      railties (= 5.2.4.2)
      sprockets-rails (>= 2.0.0)
    rails-controller-testing (1.0.4)
      actionpack (>= 5.0.1.x)
      actionview (>= 5.0.1.x)
      activesupport (>= 5.0.1.x)
    rails-dom-testing (2.0.3)
      activesupport (>= 4.2.0)
      nokogiri (>= 1.6)
    rails-html-sanitizer (1.3.0)
      loofah (~> 2.3)
    rails3-jquery-autocomplete (1.0.15)
      rails (>= 3.2)
    rails_12factor (0.0.3)
      rails_serve_static_assets
      rails_stdout_logging
    rails_performance (0.9.1)
      rails
      redis
      redis-namespace
    rails_serve_static_assets (0.0.5)
    rails_stdout_logging (0.0.5)
    railties (5.2.4.2)
      actionpack (= 5.2.4.2)
      activesupport (= 5.2.4.2)
      method_source
      rake (>= 0.8.7)
      thor (>= 0.19.0, < 2.0)
    rainbow (2.2.2)
      rake
    rake (13.0.1)
    rb-fsevent (0.10.3)
    rb-inotify (0.10.1)
      ffi (~> 1.0)
    redis (4.1.3)
    redis-namespace (1.7.0)
      redis (>= 3.0.4)
    reek (3.11)
      codeclimate-engine-rb (~> 0.3.1)
      parser (~> 2.3, >= 2.3.0.6)
      rainbow (~> 2.0)
    regexp_parser (1.7.0)
    responders (3.0.0)
      actionpack (>= 5.0)
      railties (>= 5.0)
    rexml (3.2.4)
    rspec-core (3.9.1)
      rspec-support (~> 3.9.1)
    rspec-expectations (3.9.1)
      diff-lcs (>= 1.2.0, < 2.0)
      rspec-support (~> 3.9.0)
    rspec-mocks (3.9.1)
      diff-lcs (>= 1.2.0, < 2.0)
      rspec-support (~> 3.9.0)
    rspec-rails (4.0.0)
      actionpack (>= 4.2)
      activesupport (>= 4.2)
      railties (>= 4.2)
      rspec-core (~> 3.9)
      rspec-expectations (~> 3.9)
      rspec-mocks (~> 3.9)
      rspec-support (~> 3.9)
    rspec-support (3.9.2)
    rubocop (0.81.0)
      jaro_winkler (~> 1.5.1)
      parallel (~> 1.10)
      parser (>= 2.7.0.1)
      rainbow (>= 2.2.2, < 4.0)
      rexml
      ruby-progressbar (~> 1.7)
      unicode-display_width (>= 1.4.0, < 2.0)
    rubocop-faker (1.0.0)
      rubocop (>= 0.74)
    rubocop-performance (1.5.2)
      rubocop (>= 0.71.0)
    rubocop-rails (2.5.0)
      activesupport
      rack (>= 1.1)
      rubocop (>= 0.72.0)
    rubocop-rspec (1.38.1)
      rubocop (>= 0.68.1)
    ruby-progressbar (1.10.1)
    ruby_parser (3.14.2)
      sexp_processor (~> 4.9)
    rubycritic (2.8.0)
      colorize
      flay (= 2.7.0)
      flog (= 4.3.2)
      launchy (= 2.4.3)
      parser (~> 2.3)
      reek (= 3.11)
      ruby_parser (~> 3.8)
      virtus (~> 1.0)
    rubyzip (2.3.0)
    sass (3.7.4)
      sass-listen (~> 4.0.0)
    sass-listen (4.0.0)
      rb-fsevent (~> 0.9, >= 0.9.4)
      rb-inotify (~> 0.9, >= 0.9.7)
    sass-rails (5.1.0)
      railties (>= 5.2.0)
      sass (~> 3.1)
      sprockets (>= 2.8, < 4.0)
      sprockets-rails (>= 2.0, < 4.0)
      tilt (>= 1.1, < 3)
    selenium-webdriver (3.142.7)
      childprocess (>= 0.5, < 4.0)
      rubyzip (>= 1.2.2)
    sexp_processor (4.14.1)
    shoulda-matchers (4.3.0)
      activesupport (>= 4.2.0)
    simple_form (5.0.2)
      actionpack (>= 5.0)
      activemodel (>= 5.0)
    simplecov (0.13.0)
      docile (~> 1.1.0)
      json (>= 1.8, < 3)
      simplecov-html (~> 0.10.0)
    simplecov-html (0.10.2)
    sprockets (3.7.2)
      concurrent-ruby (~> 1.0)
      rack (> 1, < 3)
    sprockets-rails (3.2.1)
      actionpack (>= 4.0)
      activesupport (>= 4.0)
      sprockets (>= 3.0.0)
    sshkit (1.21.0)
      net-scp (>= 1.1.2)
      net-ssh (>= 2.8.0)
    sshkit-sudo (0.1.0)
      sshkit (~> 1.8)
    sysexits (1.2.0)
    temple (0.8.2)
    the_sortable_tree (2.7.0)
      rails (>= 3.1)
    thor (0.20.3)
    thread_safe (0.3.6)
    tilt (2.0.10)
    tiny_tds (0.7.0)
      mini_portile (= 0.6.2)
    tzinfo (1.2.7)
      thread_safe (~> 0.1)
    tzinfo-data (1.2019.3)
      tzinfo (>= 1.0.0)
    uglifier (4.1.20)
      execjs (>= 0.3.0, < 3)
    unicode-display_width (1.7.0)
    url (0.3.2)
    virtus (1.0.5)
      axiom-types (~> 0.1)
      coercible (~> 1.0)
      descendants_tracker (~> 0.0, >= 0.0.3)
      equalizer (~> 0.0, >= 0.0.9)
    warden (1.2.8)
      rack (>= 2.0.6)
    webrat (0.7.3)
      nokogiri (>= 1.2.0)
      rack (>= 1.0)
      rack-test (>= 0.5.3)
    websocket-driver (0.7.1)
      websocket-extensions (>= 0.1.0)
    websocket-extensions (0.1.4)
    whenever (1.0.0)
      chronic (>= 0.6.3)
    will_paginate (3.3.0)
    xpath (3.2.0)
      nokogiri (~> 1.8)

PLATFORMS
  ruby

DEPENDENCIES
  actionpack-action_caching
  actionpack-page_caching
  acts-as-taggable-on
  alphabetical_paginate
  awesome_nested_set
  better_errors
  binding_of_caller
  bootsnap
  brakeman
  bundler-audit
  cancancan (~> 2.2)
  capistrano (~> 3.10.0)
  capistrano-bundler
  capistrano-rails
  capistrano-rails-db
  capistrano-rvm
  capistrano3-puma
  capybara
  chartkick (>= 3.3.0)
  codeclimate-test-reporter (~> 1.0.0)
  codecov
  coffee-rails
  database_cleaner-active_record
  devise (>= 4.7.1)
  devise_ldap_authenticatable
  exception_notification
  factory_bot_rails
  faker
  groupdate
  haml-rails
  haml_lint
  jcrop-rails-v2
  jquery-rails
  jquery-ui-rails (= 5.0.5)
  loofah
  nokogiri (>= 1.10.8)
  odf-report
  paperclip (~> 5.2.1)
  pg
  pg_search
  public_activity
  puma (>= 4.3.3)
  rack (>= 2.2.2)
  rails (= 5.2.4.2)
  rails-controller-testing
  rails3-jquery-autocomplete
  rails_12factor
  rails_performance
  rspec-rails
  rubocop
  rubocop-faker
  rubocop-performance
  rubocop-rails
  rubocop-rspec
  rubycritic
  sass-rails (~> 5.0)
  selenium-webdriver
  shoulda-matchers
  simple_form
  simplecov
  sshkit-sudo
  the_sortable_tree (>= 2.4.0)
  tiny_tds (~> 0.7.0)
  tzinfo-data
  uglifier (~> 4.1.0)
  webrat
  whenever
  will_paginate (~> 3.0)

BUNDLED WITH
   1.17.2
